GIT
  remote: https://github.com/ekylibre/active_list.git
  revision: e1c666f20e1666e42800cd11b294d0b31b85b4f5
  specs:
    active_list (6.10.0)
      arel (>= 5.0.0)
      code_string (>= 0.0.1)
      i18n-complements
      rails (>= 3.2, < 5.0.0)
      rubyzip (>= 1.0)

GIT
  remote: https://github.com/ekylibre/agric.git
  revision: b381676ba0f6d8b55414b28100c19e1f813e500c
  tag: v3.0.2
  specs:
    agric (3.0.2)
      railties (>= 3.2, < 6)
      sassc-rails (~> 2)

GIT
  remote: https://github.com/influitive/apartment.git
  revision: a4332c3222210b11f5e8c27fa4c1a18b492e9629
  branch: development
  specs:
    apartment (2.2.0)
      activerecord (>= 3.1.2, < 6.0)
      parallel (>= 0.7.1)
      public_suffix (>= 2)
      rack (>= 1.3.6)

GEM
  remote: https://rubygems.org/
  specs:
    Ascii85 (1.0.3)
    actionmailer (4.2.11.1)
      actionpack (= 4.2.11.1)
      actionview (= 4.2.11.1)
      activejob (= 4.2.11.1)
      mail (~> 2.5, >= 2.5.4)
      rails-dom-testing (~> 1.0, >= 1.0.5)
    actionpack (4.2.11.1)
      actionview (= 4.2.11.1)
      activesupport (= 4.2.11.1)
      rack (~> 1.6)
      rack-test (~> 0.6.2)
      rails-dom-testing (~> 1.0, >= 1.0.5)
      rails-html-sanitizer (~> 1.0, >= 1.0.2)
    actionpack-xml_parser (1.0.2)
      actionpack (>= 4.0.0, < 5)
    actionview (4.2.11.1)
      activesupport (= 4.2.11.1)
      builder (~> 3.1)
      erubis (~> 2.7.0)
      rails-dom-testing (~> 1.0, >= 1.0.5)
      rails-html-sanitizer (~> 1.0, >= 1.0.3)
    activejob (4.2.11.1)
      activesupport (= 4.2.11.1)
      globalid (>= 0.3.0)
    activemodel (4.2.11.1)
      activesupport (= 4.2.11.1)
      builder (~> 3.1)
    activerecord (4.2.11.1)
      activemodel (= 4.2.11.1)
      activesupport (= 4.2.11.1)
      arel (~> 6.0)
    activerecord-postgis-adapter (3.1.5)
      activerecord (~> 4.2)
      rgeo-activerecord (>= 4.0.4)
    activesupport (4.2.11.1)
      i18n (~> 0.7)
      minitest (~> 5.1)
      thread_safe (~> 0.3, >= 0.3.4)
      tzinfo (~> 1.1)
    acts_as_list (0.9.17)
      activerecord (>= 3.0)
    addressable (2.5.2)
      public_suffix (>= 2.0.2, < 4.0)
    afm (0.2.2)
    akami (1.3.1)
      gyoku (>= 0.4.0)
      nokogiri
    ansi (1.5.0)
    apartment-sidekiq (1.2.0)
      apartment (>= 1.0)
      sidekiq (>= 2.11)
    arel (6.0.4)
    ast (2.4.0)
    autoprefixer-rails (9.5.0)
      execjs
    awesome_nested_set (3.1.4)
      activerecord (>= 4.0.0, < 5.3)
    bcrypt (3.1.12)
    beardley (1.4.2)
      rjb (>= 1.4.8)
      rjb-loader (>= 0.0.2)
    beardley-barcode (1.0.1)
      beardley
    beardley-batik (1.0.1)
      beardley
    beardley-charts (0.0.1)
      beardley
    beardley-groovy (2.0.1)
      beardley
    beardley-open_sans (0.1.0)
      beardley
    beardley-xml (1.1.2)
      beardley
    better_errors (2.5.0)
      coderay (>= 1.0.0)
      erubi (>= 1.0.0)
      rack (>= 0.9.0)
    binding_of_caller (0.8.0)
      debug_inspector (>= 0.0.1)
    bootstrap-sass (3.4.1)
      autoprefixer-rails (>= 5.2.1)
      sassc (>= 2.0.0)
    bootstrap-slider-rails (9.8.0)
      railties (>= 3.2, < 6.0)
    browser (2.5.3)
    builder (3.2.3)
    bullet (5.5.1)
      activesupport (>= 3.0.0)
      uniform_notifier (~> 1.10.0)
    burisu-docsplit (0.7.9)
    byebug (10.0.2)
    charlock_holmes (0.7.6)
    charta (0.1.9)
      json (>= 1.8.0)
      nokogiri (>= 1.7.0)
      rgeo (~> 0.6.0)
      rgeo-geojson (~> 0.4.3)
    climate_control (0.2.0)
    cocoon (1.2.12)
    code_analyzer (0.4.8)
      sexp_processor
    code_string (0.0.2)
    coderay (1.1.2)
    coffee-rails (4.2.2)
      coffee-script (>= 2.2.0)
      railties (>= 4.0.0)
    coffee-script (2.4.1)
      coffee-script-source
      execjs
    coffee-script-source (1.12.2)
    colored (1.2)
    concurrent-ruby (1.1.5)
    connection_pool (2.2.2)
    crass (1.0.4)
    daemons (1.2.6)
    database_cleaner (1.7.0)
    dbf (3.1.3)
    debug_inspector (0.0.3)
    deep_cloneable (2.2.2)
      activerecord (>= 3.1.0, < 5.2.0)
    devise (4.5.0)
      bcrypt (~> 3.0)
      orm_adapter (~> 0.1)
      railties (>= 4.1.0, < 6.0)
      responders
      warden (~> 1.2.3)
    devise-i18n-views (0.3.7)
    devise_invitable (1.7.5)
      actionmailer (>= 4.1.0)
      devise (>= 4.0.0)
    did_you_mean (0.10.0)
      interception
    domain_name (0.5.20180417)
      unf (>= 0.0.5, < 1.0.0)
    ekylibre-ofx-parser (1.2.2)
      hpricot (>= 0.6)
    enumerize (2.2.2)
      activesupport (>= 3.2)
    erubi (1.8.0)
    erubis (2.7.0)
    et-orbi (1.1.6)
      tzinfo
    eventmachine (1.2.7)
    exception_notification (4.2.2)
      actionmailer (>= 4.0, < 6)
      activesupport (>= 4.0, < 6)
    execjs (2.7.0)
    factory_bot (4.11.1)
      activesupport (>= 3.0.0)
    faraday (0.15.3)
      multipart-post (>= 1.2, < 3)
    faraday_middleware (0.12.2)
      faraday (>= 0.7.4, < 1.0)
    feedjira (2.2.0)
      faraday (>= 0.9)
      faraday_middleware (>= 0.9)
      loofah (>= 2.0)
      sax-machine (>= 1.0)
    ffaker (2.10.0)
    ffi (1.10.0)
    figaro (1.1.1)
      thor (~> 0.14)
    flatpickr (4.5.2.0)
    foreman (0.85.0)
      thor (~> 0.19.1)
    formize (2.1.0)
      jquery-rails (>= 3)
      jquery-ui-rails (>= 5)
      rails (>= 3.2)
    fugit (1.1.6)
      et-orbi (~> 1.1, >= 1.1.6)
      raabro (~> 1.1)
    globalid (0.4.2)
      activesupport (>= 4.2.0)
    gpgme (2.0.16)
      mini_portile2 (~> 2.3)
    gyoku (1.3.1)
      builder (>= 2.1.2)
    haml (5.0.4)
      temple (>= 0.8.0)
      tilt
    hashery (2.1.2)
    hashie (3.5.7)
    hpricot (0.8.6)
    http-cookie (1.0.3)
      domain_name (~> 0.5)
    http_accept_language (2.1.1)
    httpi (2.4.4)
      rack
      socksify
    humanize (1.8.1)
    i18n (0.9.5)
      concurrent-ruby (~> 1.0)
    i18n-complements (1.1.0)
      i18n (>= 0.6)
    i18n-js (3.1.0)
      i18n (>= 0.6.6, < 2)
    iban-tools (1.1.0)
    interception (0.5)
    jbuilder (2.8.0)
      activesupport (>= 4.2.0)
      multi_json (>= 1.2)
    jquery-rails (4.3.3)
      rails-dom-testing (>= 1, < 3)
      railties (>= 4.2.0)
      thor (>= 0.14, < 2.0)
    jquery-scrollto-rails (1.4.3)
      railties (> 3.1, < 5.0)
    jquery-turbolinks (2.1.0)
      railties (>= 3.1.0)
      turbolinks
    jquery-ui-rails (6.0.1)
      railties (>= 3.2.16)
    json (1.8.6)
    jwt (2.1.0)
    kaminari (1.1.1)
      activesupport (>= 4.1.0)
      kaminari-actionview (= 1.1.1)
      kaminari-activerecord (= 1.1.1)
      kaminari-core (= 1.1.1)
    kaminari-actionview (1.1.1)
      actionview
      kaminari-core (= 1.1.1)
    kaminari-activerecord (1.1.1)
      activerecord
      kaminari-core (= 1.1.1)
    kaminari-core (1.1.1)
    kgio (2.11.2)
    launchy (2.4.3)
      addressable (~> 2.3)
    letter_opener (1.6.0)
      launchy (~> 2.2)
    libv8 (3.16.14.19)
    loofah (2.2.3)
      crass (~> 1.0.2)
      nokogiri (>= 1.5.9)
    luhn (1.0.2)
    mail (2.6.6)
      mime-types (>= 1.16, < 4)
    mechanize (2.7.6)
      domain_name (~> 0.5, >= 0.5.1)
      http-cookie (~> 1.0)
      mime-types (>= 1.17.2)
      net-http-digest_auth (~> 1.1, >= 1.1.1)
      net-http-persistent (>= 2.5.2)
      nokogiri (~> 1.6)
      ntlm-http (~> 0.1, >= 0.1.1)
      webrobots (>= 0.0.9, < 0.2)
    method_source (0.9.1)
    mime-types (3.2.2)
      mime-types-data (~> 3.2015)
    mime-types-data (3.2018.0812)
    mimemagic (0.3.2)
    mini_portile2 (2.3.0)
    minitest (5.11.3)
    minitest-reporters (1.3.6)
      ansi
      builder
      minitest (>= 5.0)
      ruby-progressbar
    momentjs-rails (2.20.1)
      railties (>= 3.1)
    multi_json (1.13.1)
    multi_xml (0.6.0)
    multipart-post (2.0.0)
    net-http-digest_auth (1.4.1)
    net-http-persistent (3.0.0)
      connection_pool (~> 2.2)
    netrc (0.11.0)
    nokogiri (1.8.5)
      mini_portile2 (~> 2.3.0)
    nori (2.6.0)
    ntlm-http (0.1.1)
    oauth2 (1.4.1)
      faraday (>= 0.8, < 0.16.0)
      jwt (>= 1.0, < 3.0)
      multi_json (~> 1.3)
      multi_xml (~> 0.5)
      rack (>= 1.2, < 3)
    odf-report (0.5.2)
      nokogiri (>= 1.5.0)
      rubyzip (~> 1.2.0)
    omniauth (1.8.1)
      hashie (>= 3.4.6, < 3.6.0)
      rack (>= 1.6.2, < 3)
    omniauth-oauth2 (1.5.0)
      oauth2 (~> 1.1)
      omniauth (~> 1.2)
    orm_adapter (0.5.0)
    paperclip (5.3.0)
      activemodel (>= 4.2.0)
      activesupport (>= 4.2.0)
      mime-types
      mimemagic (~> 0.3.0)
      terrapin (~> 0.6.0)
    paperclip-document (0.0.11)
      burisu-docsplit (>= 0.7.9)
      paperclip (>= 3.1, < 6.0)
    parallel (1.12.1)
    parallel_tests (2.26.2)
      parallel
    parser (2.5.3.0)
      ast (~> 2.4.0)
    pdf-reader (2.1.0)
      Ascii85 (~> 1.0.0)
      afm (~> 0.2.1)
      hashery (~> 2.0)
      ruby-rc4
      ttfunk
    pg (0.20.0)
    polyglot (0.3.5)
    possibly (1.0.1)
    powerpack (0.1.2)
    pry (0.12.0)
      coderay (~> 1.1.0)
      method_source (~> 0.9.0)
    pry-byebug (3.6.0)
      byebug (~> 10.0)
      pry (~> 0.10)
    pry-rails (0.3.7)
      pry (>= 0.10.4)
    public_suffix (3.0.3)
    quiet_assets (1.1.0)
      railties (>= 3.1, < 5.0)
    raabro (1.1.6)
    rack (1.6.11)
    rack-accept (0.4.5)
      rack (>= 0.4)
    rack-protection (2.0.4)
      rack
    rack-test (0.6.3)
      rack (>= 1.0)
    rails (4.2.11.1)
      actionmailer (= 4.2.11.1)
      actionpack (= 4.2.11.1)
      actionview (= 4.2.11.1)
      activejob (= 4.2.11.1)
      activemodel (= 4.2.11.1)
      activerecord (= 4.2.11.1)
      activesupport (= 4.2.11.1)
      bundler (>= 1.3.0, < 2.0)
      railties (= 4.2.11.1)
      sprockets-rails
    rails-deprecated_sanitizer (1.0.3)
      activesupport (>= 4.2.0.alpha)
    rails-dom-testing (1.0.9)
      activesupport (>= 4.2.0, < 5.0)
      nokogiri (~> 1.6)
      rails-deprecated_sanitizer (>= 1.0.1)
    rails-html-sanitizer (1.0.4)
      loofah (~> 2.2, >= 2.2.2)
    rails_best_practices (1.19.4)
      activesupport
      code_analyzer (>= 0.4.8)
      erubis
      i18n
      json
      require_all (~> 2.0)
      ruby-progressbar
    railties (4.2.11.1)
      actionpack (= 4.2.11.1)
      activesupport (= 4.2.11.1)
      rake (>= 0.8.7)
      thor (>= 0.18.1, < 2.0)
    rainbow (2.2.2)
      rake
    raindrops (0.19.0)
    rake (12.3.2)
    rdoc (4.3.0)
    redis (3.3.5)
    redis-namespace (1.6.0)
      redis (>= 3.0.4)
    ref (2.0.0)
    remotipart (1.4.2)
    require_all (2.0.0)
    responders (2.4.0)
      actionpack (>= 4.2.0, < 5.3)
      railties (>= 4.2.0, < 5.3)
    rest-client (2.0.2)
      http-cookie (>= 1.0.2, < 2.0)
      mime-types (>= 1.16, < 4.0)
      netrc (~> 0.8)
    rgeo (0.6.0)
    rgeo-activerecord (4.0.5)
      activerecord (~> 4.2)
      rgeo (~> 0.3)
    rgeo-geojson (0.4.3)
      rgeo (~> 0.5)
    rgeo-shapefile (0.4.2)
      dbf (~> 3.0)
      rgeo (~> 0.3)
    rjb (1.5.5)
    rjb-loader (0.0.2)
      rails (>= 3.2)
      rjb (>= 1.4.8)
    rodf (1.0.0)
      activesupport (>= 3.0)
      builder (>= 3.0)
      rubyzip (>= 1.0)
    roo (2.7.1)
      nokogiri (~> 1)
      rubyzip (~> 1.1, < 2.0.0)
    rubocop (0.49.1)
      parallel (~> 1.10)
      parser (>= 2.3.3.1, < 3.0)
      powerpack (~> 0.1)
      rainbow (>= 1.99.1, < 3.0)
      ruby-progressbar (~> 1.7)
      unicode-display_width (~> 1.0, >= 1.0.1)
    ruby-prof (0.17.0)
    ruby-progressbar (1.10.0)
    ruby-rc4 (0.1.5)
    ruby-terminfo (0.1.1)
    rubyntlm (0.6.2)
    rubyzip (1.2.2)
    sassc (2.0.1)
      ffi (~> 1.9)
      rake
    sassc-rails (2.1.0)
      railties (>= 4.0.0)
      sassc (>= 2.0)
      sprockets (> 3.0)
      sprockets-rails
      tilt
    savon (2.12.0)
      akami (~> 1.2)
      builder (>= 2.1.2)
      gyoku (~> 1.2)
      httpi (~> 2.3)
      nokogiri (>= 1.8.1)
      nori (~> 2.4)
      wasabi (~> 3.4)
    sax-machine (1.3.2)
    sdoc (0.4.2)
      json (~> 1.7, >= 1.7.7)
      rdoc (~> 4.0)
    sentry-raven (2.7.4)
      faraday (>= 0.7.6, < 1.0)
    sepa_king (0.11.2)
      activemodel (>= 3.1)
      iban-tools
      nokogiri
    sexp_processor (4.11.0)
    shoulda-context (1.2.2)
    sidekiq (4.2.10)
      concurrent-ruby (~> 1.0)
      connection_pool (~> 2.2, >= 2.2.0)
      rack-protection (>= 1.5.0)
      redis (~> 3.2, >= 3.2.1)
    sidekiq-cron (1.0.4)
      fugit (~> 1.1)
      sidekiq (>= 4.2.1)
    sidekiq-skylight (0.2.0)
      sidekiq (>= 3.3.0)
      skylight (>= 0.5.2)
    sidekiq-unique-jobs (4.0.18)
      sidekiq (>= 2.6)
      thor
    simple_calendar (2.3.0)
      rails (>= 3.0)
    simple_form (3.5.1)
      actionpack (> 4, < 5.2)
      activemodel (> 4, < 5.2)
    skylight (3.1.1)
      skylight-core (= 3.1.1)
    skylight-core (3.1.1)
      activesupport (>= 4.2.0)
    socksify (1.7.1)
    spring (2.0.2)
      activesupport (>= 4.2)
    sprockets (3.7.2)
      concurrent-ruby (~> 1.0)
      rack (> 1, < 3)
    sprockets-rails (3.2.1)
      actionpack (>= 4.0)
      activesupport (>= 4.0)
      sprockets (>= 3.0.0)
    state_machine (1.2.0)
    teaspoon (1.1.5)
      railties (>= 3.2.5, < 6)
    teaspoon-jasmine (2.3.4)
      teaspoon (>= 1.0.0)
    temple (0.8.0)
    terrapin (0.6.0)
      climate_control (>= 0.0.3, < 1.0)
    therubyracer (0.12.3)
      libv8 (~> 3.16.14.15)
      ref
    thin (1.7.2)
      daemons (~> 1.0, >= 1.0.9)
      eventmachine (~> 1.0, >= 1.0.4)
      rack (>= 1, < 3)
    thor (0.19.4)
    thread_safe (0.3.6)
    tilt (2.0.8)
    time_diff (0.3.0)
      activesupport
      i18n
    timecop (0.9.1)
    timeliness (0.3.10)
    treetop (1.6.10)
      polyglot (~> 0.3)
    ttfunk (1.5.1)
    turbolinks (2.5.4)
      coffee-rails
    turnout (2.4.1)
      i18n (~> 0.7)
      rack (>= 1.3, < 3)
      rack-accept (~> 0.4)
      tilt (>= 1.4, < 3)
    twitter-typeahead-rails (0.11.1)
      actionpack (>= 3.1)
      jquery-rails
      railties (>= 3.1)
    tzinfo (1.2.5)
      thread_safe (~> 0.1)
    uglifier (4.1.19)
      execjs (>= 0.3.0, < 3)
    unf (0.1.4)
      unf_ext
    unf_ext (0.0.7.5)
    unicode-display_width (1.4.0)
    unicorn (5.4.1)
      kgio (~> 2.6)
      raindrops (~> 0.7)
    uniform_notifier (1.10.0)
    uuidtools (2.1.5)
    validates_timeliness (4.0.2)
      timeliness (~> 0.3.7)
    wannabe_bool (0.7.1)
    warden (1.2.7)
      rack (>= 1.0)
    wasabi (3.5.0)
      httpi (~> 2.0)
      nokogiri (>= 1.4.2)
    web-console (3.3.0)
      activemodel (>= 4.2)
      debug_inspector
      railties (>= 4.2)
    webrobots (0.1.2)

PLATFORMS
  ruby

DEPENDENCIES
  actionpack-xml_parser
  active_list!
  activerecord-postgis-adapter (>= 3.0.0)
  acts_as_list
  agric!
  apartment!
  apartment-sidekiq
  awesome_nested_set (~> 3.1.1)
  beardley (~> 1.3)
  beardley-barcode (>= 1.0.1)
  beardley-batik (>= 1.0.1)
  beardley-charts (>= 0.0.1)
  beardley-groovy (>= 2.0.1)
  beardley-open_sans (>= 0.0.2)
  beardley-xml (>= 1.1.2)
  better_errors
  binding_of_caller
  bootstrap-sass (~> 3.1)
  bootstrap-slider-rails
  browser
  bullet (< 5.6.0)
  charlock_holmes
  charta (>= 0.1.9)
  cocoon
  code_string (>= 0.0.1)
  coffee-rails (~> 4.1)
  colored
  database_cleaner
  deep_cloneable (~> 2.2.1)
  devise
  devise-i18n-views
  devise_invitable
  did_you_mean (~> 0.9)
  ekylibre-ofx-parser
  enumerize
  exception_notification
  factory_bot (< 5)
  feedjira
  ffaker (>= 2.0.0)
  figaro
  flatpickr (~> 4.5, >= 4.5.2.0)
  foreman
  formize (~> 2.1.0)
  gpgme
  haml
  http_accept_language
  humanize
  i18n-complements (>= 0.0.14)
  i18n-js (>= 3.0.0.rc12)
  jbuilder (~> 2.0)
  jquery-rails
  jquery-scrollto-rails
  jquery-turbolinks
  jquery-ui-rails
  kaminari
  letter_opener
  luhn
  mail (~> 2.6.6.rc1)
  mechanize
  minitest-reporters
  momentjs-rails (>= 2.9.0)
  nokogiri (~> 1.8.1)
  odf-report
  omniauth
  omniauth-oauth2
  paperclip
  paperclip-document (> 0.0.8)
  parallel_tests
  pdf-reader
  pg (~> 0.20.0)
  possibly
  pry-byebug
  pry-rails
  quiet_assets
  rails (= 4.2.11.1)
  rails_best_practices
  redis-namespace
  remotipart (~> 1.2)
  rest-client
  rgeo-geojson
  rgeo-shapefile
  rodf
  roo
  rubocop (~> 0.49.1)
  ruby-prof
  ruby-terminfo
  rubyntlm (>= 0.3.2)
  rubyzip
  sassc-rails
  savon
  sdoc (~> 0.4.0)
  sentry-raven
  sepa_king
  shoulda-context
  sidekiq (~> 4.0)
  sidekiq-cron (>= 0.4.0)
  sidekiq-skylight
  sidekiq-unique-jobs (~> 4.0)
  simple_calendar
  simple_form (~> 3.4)
  skylight
  spring
  state_machine
  teaspoon-jasmine
  therubyracer
  thin
  time_diff
  timecop
  treetop
  turbolinks (~> 2.0)
  turnout
  twitter-typeahead-rails
  uglifier (>= 1.3.0)
  unicorn
  uuidtools
  validates_timeliness (~> 4)
  wannabe_bool
  web-console (~> 3.0)

RUBY VERSION
   ruby 2.3.7p456

BUNDLED WITH
   1.17.2
