GIT
  remote: https://github.com/ekylibre/agric.git
  revision: 7a400bb2469c53bf3833e3cbc4eeea100f89d210
  branch: master
  specs:
    agric (4.1.0)
      railties (>= 3.2, < 6)
      sassc-rails (~> 2)

GIT
  remote: https://gitlab.com/ekylibre/active_list.git
  revision: 507f5add216a023e04cd20df319774fbb08c1419
  branch: master
  specs:
    active_list (8.1.0)
      arel (>= 5.0.0)
      code_string (>= 0.0.1)
      i18n-complements
      onoma (~> 0.4)
      rails (>= 3.2, < 6)
      rodf (~> 1.1)
      rubyzip (>= 1.0)

GIT
  remote: https://gitlab.com/ekylibre/cartography.git
  revision: 9279e954e7ba5fc48595075bfd9ec42060c435d5
  branch: eky
  specs:
    cartography (0.0.1)

GIT
  remote: https://gitlab.com/ekylibre/eky-possibly.git
  revision: 483d102852e2ab8fcbf695b9e25a40902302a593
  tag: v3.1.1
  specs:
    possibly (3.1.1)

GIT
  remote: https://gitlab.com/ekylibre/odf-report.git
  revision: 75f49de1db820ed6c78264d4d199684875db4ac6
  branch: dev
  specs:
    odf-report (0.7.3)
      fastimage (~> 2.1)
      mime-types
      nokogiri (>= 1.10.0)
      rubyzip (>= 1.3.0)

GIT
  remote: https://gitlab.com/ekylibre/xsd_errors_parser.git
  revision: 28b3c703463642ca52194038294bddabefc1fee3
  branch: master
  specs:
    xml_errors_parser (0.0.3)
      i18n

PATH
  remote: ../charta
  specs:
    charta (0.4.0)
      activesupport (>= 5.0)
      json (>= 1.8)
      nokogiri (>= 1.7)
      rgeo (~> 2.0)
      rgeo-geojson (~> 2.0)
      rgeo-proj4 (~> 3.0)
      victor (~> 0.3)
      zeitwerk (~> 2.4)

PATH
  remote: ../lexicon-common
  specs:
    lexicon-common (0.2.1)
      aws-sdk-s3 (~> 1.84)
      colored (~> 1.2)
      concurrent-ruby (~> 1.1)
      corindon (~> 0.8.0)
      json_schemer (~> 0.2.16)
      pg (~> 1.2)
      semantic (~> 1.6)
      zeitwerk (~> 2.4)

GEM
  remote: https://rubygems.org/
  specs:
    Ascii85 (1.1.0)
    actioncable (5.2.8.1)
      actionpack (= 5.2.8.1)
      nio4r (~> 2.0)
      websocket-driver (>= 0.6.1)
    actionmailer (5.2.8.1)
      actionpack (= 5.2.8.1)
      actionview (= 5.2.8.1)
      activejob (= 5.2.8.1)
      mail (~> 2.5, >= 2.5.4)
      rails-dom-testing (~> 2.0)
    actionpack (5.2.8.1)
      actionview (= 5.2.8.1)
      activesupport (= 5.2.8.1)
      rack (~> 2.0, >= 2.0.8)
      rack-test (>= 0.6.3)
      rails-dom-testing (~> 2.0)
      rails-html-sanitizer (~> 1.0, >= 1.0.2)
    actionpack-xml_parser (2.0.1)
      actionpack (>= 5.0)
      railties (>= 5.0)
    actionview (5.2.8.1)
      activesupport (= 5.2.8.1)
      builder (~> 3.1)
      erubi (~> 1.4)
      rails-dom-testing (~> 2.0)
      rails-html-sanitizer (~> 1.0, >= 1.0.3)
    activejob (5.2.8.1)
      activesupport (= 5.2.8.1)
      globalid (>= 0.3.6)
    activemodel (5.2.8.1)
      activesupport (= 5.2.8.1)
    activemodel-serializers-xml (1.0.2)
      activemodel (> 5.x)
      activesupport (> 5.x)
      builder (~> 3.1)
    activerecord (5.2.8.1)
      activemodel (= 5.2.8.1)
      activesupport (= 5.2.8.1)
      arel (>= 9.0)
    activerecord-postgis-adapter (5.2.3)
      activerecord (~> 5.1)
      rgeo-activerecord (~> 6.0)
    activestorage (5.2.8.1)
      actionpack (= 5.2.8.1)
      activerecord (= 5.2.8.1)
      marcel (~> 1.0.0)
    activesupport (5.2.8.1)
      concurrent-ruby (~> 1.0, >= 1.0.2)
      i18n (>= 0.7, < 2)
      minitest (~> 5.1)
      tzinfo (~> 1.1)
    acts_as_list (1.0.4)
      activerecord (>= 4.2)
    addressable (2.8.0)
      public_suffix (>= 2.0.2, < 5.0)
    afm (0.2.2)
    akami (1.3.1)
      gyoku (>= 0.4.0)
      nokogiri
    ansi (1.5.0)
    apartment (2.2.1)
      activerecord (>= 3.1.2, < 6.0)
      parallel (>= 0.7.1)
      public_suffix (>= 2)
      rack (>= 1.3.6)
    apartment-sidekiq (1.2.0)
      apartment (>= 1.0)
      sidekiq (>= 2.11)
    arel (9.0.0)
    ast (2.4.2)
    autoprefixer-rails (10.3.3.0)
      execjs (~> 2)
    awesome_nested_set (3.2.1)
      activerecord (>= 4.0.0, < 7.0)
    aws-eventstream (1.2.0)
    aws-partitions (1.714.0)
    aws-sdk-core (3.170.0)
      aws-eventstream (~> 1, >= 1.0.2)
      aws-partitions (~> 1, >= 1.651.0)
      aws-sigv4 (~> 1.5)
      jmespath (~> 1, >= 1.6.1)
    aws-sdk-kms (1.62.0)
      aws-sdk-core (~> 3, >= 3.165.0)
      aws-sigv4 (~> 1.1)
    aws-sdk-s3 (1.119.1)
      aws-sdk-core (~> 3, >= 3.165.0)
      aws-sdk-kms (~> 1)
      aws-sigv4 (~> 1.4)
    aws-sigv4 (1.5.2)
      aws-eventstream (~> 1, >= 1.0.2)
    bcrypt (3.1.16)
    beardley (1.4.2)
      rjb (>= 1.4.8)
      rjb-loader (>= 0.0.2)
    beardley-barcode (1.0.1)
      beardley
    beardley-batik (1.0.1)
      beardley
    beardley-charts (0.0.1)
      beardley
    beardley-groovy (2.0.1)
      beardley
    beardley-open_sans (0.1.0)
      beardley
    beardley-xml (1.1.2)
      beardley
    better_errors (2.9.1)
      coderay (>= 1.0.0)
      erubi (>= 1.0.0)
      rack (>= 0.9.0)
    bindex (0.8.1)
    binding_of_caller (1.0.0)
      debug_inspector (>= 0.0.1)
    bootsnap (1.13.0)
      msgpack (~> 1.2)
    bootstrap-sass (3.4.1)
      autoprefixer-rails (>= 5.2.1)
      sassc (>= 2.0.0)
    bootstrap-slider-rails (9.8.0)
      railties (>= 3.2, < 6.0)
    browser (5.3.1)
    builder (3.2.4)
    bullet (5.7.6)
      activesupport (>= 3.0.0)
      uniform_notifier (~> 1.11.0)
    burisu-docsplit (0.7.9)
    byebug (11.1.3)
    caxlsx (3.0.0)
      htmlentities (~> 4.3, >= 4.3.4)
      mimemagic (~> 0.3)
      nokogiri (~> 1.8, >= 1.8.2)
      rubyzip (~> 1.2, >= 1.2.1)
    charlock_holmes (0.7.7)
    climate_control (0.2.0)
    cocoon (1.2.15)
    code_analyzer (0.5.2)
      sexp_processor
    code_string (0.0.2)
    coderay (1.1.3)
    coffee-rails (4.2.2)
      coffee-script (>= 2.2.0)
      railties (>= 4.0.0)
    coffee-script (2.4.1)
      coffee-script-source
      execjs
    coffee-script-source (1.12.2)
    colored (1.2)
    combine_pdf (1.0.22)
      matrix
      ruby-rc4 (>= 0.1.5)
    concurrent-ruby (1.2.0)
    connection_pool (2.2.5)
    corindon (0.8.0)
      semantic (~> 1.6)
      zeitwerk (~> 2.3)
    crack (0.4.5)
      rexml
    crass (1.0.6)
    database_cleaner (1.99.0)
    dbf (4.2.0)
    debug_inspector (1.1.0)
    deep_cloneable (2.4.0)
      activerecord (>= 3.1.0, < 6)
    devise (4.8.0)
      bcrypt (~> 3.0)
      orm_adapter (~> 0.1)
      railties (>= 4.1.0)
      responders
      warden (~> 1.2.3)
    devise-i18n-views (0.3.7)
    devise_invitable (2.0.5)
      actionmailer (>= 5.0)
      devise (>= 4.6)
    docile (1.4.0)
    domain_name (0.5.20190701)
      unf (>= 0.0.5, < 1.0.0)
    dotenv (2.7.6)
    draper (3.1.0)
      actionpack (>= 5.0)
      activemodel (>= 5.0)
      activemodel-serializers-xml (>= 1.0)
      activesupport (>= 5.0)
      request_store (>= 1.0)
    dry-inflector (0.2.1)
    ecma-re-validator (0.4.0)
      regexp_parser (~> 2.2)
    ekylibre-ofx-parser (1.2.2)
      hpricot (>= 0.6)
    elastic-apm (3.4.0)
      concurrent-ruby (~> 1.0)
      http (>= 3.0)
    enumerize (2.4.0)
      activesupport (>= 3.2)
    erubi (1.11.0)
    erubis (2.7.0)
    et-orbi (1.2.6)
      tzinfo
    exception_notification (4.4.3)
      actionmailer (>= 4.0, < 7)
      activesupport (>= 4.0, < 7)
    execjs (2.8.1)
    factory_bot (4.11.1)
      activesupport (>= 3.0.0)
    faraday (1.8.0)
      faraday-em_http (~> 1.0)
      faraday-em_synchrony (~> 1.0)
      faraday-excon (~> 1.1)
      faraday-httpclient (~> 1.0.1)
      faraday-net_http (~> 1.0)
      faraday-net_http_persistent (~> 1.1)
      faraday-patron (~> 1.0)
      faraday-rack (~> 1.0)
      multipart-post (>= 1.2, < 3)
      ruby2_keywords (>= 0.0.4)
    faraday-em_http (1.0.0)
    faraday-em_synchrony (1.0.0)
    faraday-excon (1.1.0)
    faraday-httpclient (1.0.1)
    faraday-net_http (1.0.1)
    faraday-net_http_persistent (1.2.0)
    faraday-patron (1.0.0)
    faraday-rack (1.0.0)
    fastimage (2.2.6)
    ffaker (2.18.0)
    ffi (1.15.5)
    fiddle (1.0.7)
    font-awesome-sass (5.15.1)
      sassc (>= 1.11)
    formize (2.1.0)
      jquery-rails (>= 3)
      jquery-ui-rails (>= 5)
      rails (>= 3.2)
    fugit (1.5.2)
      et-orbi (~> 1.1, >= 1.1.8)
      raabro (~> 1.4)
    geocoder (1.7.0)
    git (1.9.1)
      rchardet (~> 1.8)
    gitlab_kramdown (0.6.0)
      kramdown (~> 1.16.2)
      rouge (~> 3.0)
    globalid (1.0.0)
      activesupport (>= 5.0)
    gpgme (2.0.20)
      mini_portile2 (~> 2.3)
    gyoku (1.3.1)
      builder (>= 2.1.2)
    haml (5.2.2)
      temple (>= 0.8.0)
      tilt
    haml_lint (0.40.0)
      haml (>= 4.0, < 5.3)
      parallel (~> 1.10)
      rainbow
      rubocop (>= 0.50.0)
      sysexits (~> 1.1)
    hana (1.3.7)
    hashdiff (1.0.1)
    hashery (2.1.2)
    hashie (5.0.0)
    holidays (8.4.1)
    hpricot (0.8.6)
    htmlentities (4.3.4)
    http (4.1.1)
      addressable (~> 2.3)
      http-cookie (~> 1.0)
      http-form_data (~> 2.0)
      http_parser.rb (~> 0.6.0)
    http-cookie (1.0.5)
      domain_name (~> 0.5)
    http-form_data (2.3.0)
    http_accept_language (2.1.1)
    http_parser.rb (0.6.0)
    httpi (2.5.0)
      rack
      socksify
    humanize (2.5.1)
    i18n (1.12.0)
      concurrent-ruby (~> 1.0)
    i18n-complements (1.1.1)
      i18n (>= 0.6)
    i18n-js (3.9.0)
      i18n (>= 0.6.6)
    iban-tools (1.1.0)
    io-console (0.5.9)
    irb (1.3.7)
      reline (>= 0.2.7)
    jbuilder (2.11.3)
      activesupport (>= 5.0.0)
    jmespath (1.6.2)
    jquery-rails (4.4.0)
      rails-dom-testing (>= 1, < 3)
      railties (>= 4.2.0)
      thor (>= 0.14, < 2.0)
    jquery-ui-rails (6.0.1)
      railties (>= 3.2.16)
    json (2.3.1)
    json_schemer (0.2.24)
      ecma-re-validator (~> 0.3)
      hana (~> 1.3)
      regexp_parser (~> 2.0)
      uri_template (~> 0.7)
    jwt (2.2.3)
    kaminari (1.1.1)
      activesupport (>= 4.1.0)
      kaminari-actionview (= 1.1.1)
      kaminari-activerecord (= 1.1.1)
      kaminari-core (= 1.1.1)
    kaminari-actionview (1.1.1)
      actionview
      kaminari-core (= 1.1.1)
    kaminari-activerecord (1.1.1)
      activerecord
      kaminari-core (= 1.1.1)
    kaminari-core (1.1.1)
    kgio (2.11.4)
    kramdown (1.16.2)
    launchy (2.5.0)
      addressable (~> 2.7)
    letter_opener (1.7.0)
      launchy (~> 2.2)
    libv8-node (16.10.0.0)
    loofah (2.19.0)
      crass (~> 1.0.2)
      nokogiri (>= 1.5.9)
    luhn (1.0.2)
    mail (2.7.1)
      mini_mime (>= 0.1.1)
    marcel (1.0.2)
    matrix (0.4.2)
    mechanize (2.8.3)
      addressable (~> 2.8)
      domain_name (~> 0.5, >= 0.5.20190701)
      http-cookie (~> 1.0, >= 1.0.3)
      mime-types (~> 3.0)
      net-http-digest_auth (~> 1.4, >= 1.4.1)
      net-http-persistent (>= 2.5.2, < 5.0.dev)
      nokogiri (~> 1.11, >= 1.11.2)
      rubyntlm (~> 0.6, >= 0.6.3)
      webrick (~> 1.7)
      webrobots (~> 0.1.2)
    method_source (0.9.2)
    mime-types (3.4.1)
      mime-types-data (~> 3.2015)
    mime-types-data (3.2022.0105)
    mimemagic (0.3.10)
      nokogiri (~> 1)
      rake
    mini_mime (1.1.2)
    mini_portile2 (2.8.1)
    mini_racer (0.6.3)
      libv8-node (~> 16.10.0.0)
    minitest (5.17.0)
    minitest-reporters (1.4.3)
      ansi
      builder
      minitest (>= 5.0)
      ruby-progressbar
    momentjs-rails (2.20.1)
      railties (>= 3.1)
    msgpack (1.6.0)
    multi_json (1.15.0)
    multi_xml (0.6.0)
    multipart-post (2.1.1)
    net-http-digest_auth (1.4.1)
    net-http-persistent (4.0.1)
      connection_pool (~> 2.2)
    netrc (0.11.0)
    nio4r (2.5.8)
    nokogiri (1.13.10)
      mini_portile2 (~> 2.8.0)
      racc (~> 1.4)
    nori (2.6.0)
    oauth2 (1.4.7)
      faraday (>= 0.8, < 2.0)
      jwt (>= 1.0, < 3.0)
      multi_json (~> 1.3)
      multi_xml (~> 0.5)
      rack (>= 1.2, < 3)
    omniauth (1.9.1)
      hashie (>= 3.4.6)
      rack (>= 1.6.2, < 3)
    omniauth-oauth2 (1.7.2)
      oauth2 (~> 1.4)
      omniauth (>= 1.9, < 3)
    onoma (0.8.4)
      activesupport (>= 4.2)
      nokogiri (>= 1.10.4)
      zeitwerk (~> 2.4.0)
    orm_adapter (0.5.0)
    paperclip (5.3.0)
      activemodel (>= 4.2.0)
      activesupport (>= 4.2.0)
      mime-types
      mimemagic (~> 0.3.0)
      terrapin (~> 0.6.0)
    paperclip-document (0.0.11)
      burisu-docsplit (>= 0.7.9)
      paperclip (>= 3.1, < 6.0)
    parallel (1.21.0)
    paranoia (2.4.3)
      activerecord (>= 4.0, < 6.2)
    parser (3.0.3.2)
      ast (~> 2.4.1)
    pdf-core (0.9.0)
    pdf-reader (2.7.0)
      Ascii85 (~> 1.0)
      afm (~> 0.2.1)
      hashery (~> 2.0)
      ruby-rc4
      ttfunk
    pg (1.2.3)
    polyglot (0.3.5)
    prawn (2.4.0)
      pdf-core (~> 0.9.0)
      ttfunk (~> 1.7)
    pry (0.12.2)
      coderay (~> 1.1.0)
      method_source (~> 0.9.0)
    pry-byebug (3.8.0)
      byebug (~> 11.0)
      pry (~> 0.10)
    pry-rails (0.3.9)
      pry (>= 0.10.4)
    public_suffix (4.0.6)
    quandl (1.2.0)
      activesupport (>= 5.2.4.3)
      json (~> 2.3.0)
      rest-client (~> 2.0.2)
    raabro (1.4.0)
    racc (1.6.2)
    rack (2.2.4)
    rack-accept (0.4.5)
      rack (>= 0.4)
    rack-cors (1.1.1)
      rack (>= 2.0.0)
    rack-handlers (0.7.3)
      rack
    rack-mini-profiler (2.3.3)
      rack (>= 1.2.0)
    rack-protection (2.1.0)
      rack
    rack-proxy (0.7.0)
      rack
    rack-test (2.0.2)
      rack (>= 1.3)
    rails (5.2.8.1)
      actioncable (= 5.2.8.1)
      actionmailer (= 5.2.8.1)
      actionpack (= 5.2.8.1)
      actionview (= 5.2.8.1)
      activejob (= 5.2.8.1)
      activemodel (= 5.2.8.1)
      activerecord (= 5.2.8.1)
      activestorage (= 5.2.8.1)
      activesupport (= 5.2.8.1)
      bundler (>= 1.3.0)
      railties (= 5.2.8.1)
      sprockets-rails (>= 2.0.0)
    rails-controller-testing (1.0.5)
      actionpack (>= 5.0.1.rc1)
      actionview (>= 5.0.1.rc1)
      activesupport (>= 5.0.1.rc1)
    rails-dom-testing (2.0.3)
      activesupport (>= 4.2.0)
      nokogiri (>= 1.6)
    rails-html-sanitizer (1.4.3)
      loofah (~> 2.3)
    rails_best_practices (1.22.1)
      activesupport
      code_analyzer (>= 0.5.2)
      erubis
      i18n
      json
      require_all (~> 3.0)
      ruby-progressbar
    railties (5.2.8.1)
      actionpack (= 5.2.8.1)
      activesupport (= 5.2.8.1)
      method_source
      rake (>= 0.8.7)
      thor (>= 0.19.0, < 2.0)
    rainbow (3.0.0)
    raindrops (0.20.0)
    rake (12.3.3)
    rchardet (1.8.0)
    redis (3.3.5)
    redis-namespace (1.8.1)
      redis (>= 3.0.4)
    regexp_parser (2.2.0)
    reline (0.2.7)
      io-console (~> 0.5)
    remotipart (1.4.4)
    request_store (1.5.0)
      rack (>= 1.4)
    require_all (3.0.0)
    responders (3.0.1)
      actionpack (>= 5.0)
      railties (>= 5.0)
    rest-client (2.0.2)
      http-cookie (>= 1.0.2, < 2.0)
      mime-types (>= 1.16, < 4.0)
      netrc (~> 0.8)
    rexml (3.2.5)
    rgeo (2.3.1)
    rgeo-activerecord (6.2.2)
      activerecord (>= 5.0)
      rgeo (>= 1.0.0)
    rgeo-geojson (2.1.1)
      rgeo (>= 1.0.0)
    rgeo-proj4 (3.1.1)
      rgeo (~> 2.0)
    rgeo-shapefile (3.0.0)
      dbf (~> 4.0)
      rgeo (>= 1.0)
    rjb (1.6.2)
    rjb-loader (0.0.2)
      rails (>= 3.2)
      rjb (>= 1.4.8)
    rodf (1.1.1)
      builder (>= 3.0)
      dry-inflector (~> 0.1)
      rubyzip (>= 1.0)
    roo (2.8.2)
      nokogiri (~> 1)
      rubyzip (>= 1.2.1, < 2.0.0)
    rouge (3.30.0)
    rubocop (1.11.0)
      parallel (~> 1.10)
      parser (>= 3.0.0.0)
      rainbow (>= 2.2.2, < 4.0)
      regexp_parser (>= 1.8, < 3.0)
      rexml
      rubocop-ast (>= 1.2.0, < 2.0)
      ruby-progressbar (~> 1.7)
      unicode-display_width (>= 1.4.0, < 3.0)
    rubocop-ast (1.15.0)
      parser (>= 3.0.1.1)
    ruby-prof (1.4.3)
    ruby-progressbar (1.11.0)
    ruby-rc4 (0.1.5)
    ruby2_keywords (0.0.5)
    rubyntlm (0.6.3)
    rubyzip (1.3.0)
    sassc (2.4.0)
      ffi (~> 1.9)
    sassc-rails (2.1.2)
      railties (>= 4.0.0)
      sassc (>= 2.0)
      sprockets (> 3.0)
      sprockets-rails
      tilt
    savon (2.12.1)
      akami (~> 1.2)
      builder (>= 2.1.2)
      gyoku (~> 1.2)
      httpi (~> 2.3)
      nokogiri (>= 1.8.1)
      nori (~> 2.4)
      wasabi (~> 3.4)
    scenic (1.5.4)
      activerecord (>= 4.0.0)
      railties (>= 4.0.0)
    semantic (1.6.1)
    sepa_king (0.12.0)
      activemodel (>= 3.1)
      iban-tools
      nokogiri
    sexp_processor (4.16.0)
    shoulda-context (2.0.0)
    sidekiq (4.2.10)
      concurrent-ruby (~> 1.0)
      connection_pool (~> 2.2, >= 2.2.0)
      rack-protection (>= 1.5.0)
      redis (~> 3.2, >= 3.2.1)
    sidekiq-cron (1.2.0)
      fugit (~> 1.1)
      sidekiq (>= 4.2.1)
    sidekiq-unique-jobs (4.0.18)
      sidekiq (>= 2.6)
      thor
    simple_calendar (2.4.3)
      rails (>= 3.0)
    simple_form (4.1.0)
      actionpack (>= 5.0)
      activemodel (>= 5.0)
    simplecov (0.21.2)
      docile (~> 1.1)
      simplecov-html (~> 0.11)
      simplecov_json_formatter (~> 0.1)
    simplecov-cobertura (2.1.0)
      rexml
      simplecov (~> 0.19)
    simplecov-html (0.12.3)
    simplecov_json_formatter (0.1.4)
    socksify (1.7.1)
    sprockets (3.7.2)
      concurrent-ruby (~> 1.0)
      rack (> 1, < 3)
    sprockets-rails (3.4.2)
      actionpack (>= 5.2)
      activesupport (>= 5.2)
      sprockets (>= 3.0.0)
    state_machine (1.2.0)
    sysexits (1.2.0)
    temple (0.8.2)
    terrapin (0.6.0)
      climate_control (>= 0.0.3, < 1.0)
    thor (1.2.1)
    thread_safe (0.3.6)
    tilt (2.0.10)
    time_diff (0.3.0)
      activesupport
      i18n
    timecop (0.9.4)
    timeliness (0.4.4)
    treetop (1.6.11)
      polyglot (~> 0.3)
    ttfunk (1.7.0)
    turbolinks (5.2.1)
      turbolinks-source (~> 5.2)
    turbolinks-source (5.2.0)
    turnout (2.5.0)
      i18n (>= 0.7, < 2)
      rack (>= 1.3, < 3)
      rack-accept (~> 0.4)
      tilt (>= 1.4, < 3)
    twitter-typeahead-rails (0.11.1)
      actionpack (>= 3.1)
      jquery-rails
      railties (>= 3.1)
    tzinfo (1.2.11)
      thread_safe (~> 0.1)
    uglifier (4.2.0)
      execjs (>= 0.3.0, < 3)
    unf (0.1.4)
      unf_ext
    unf_ext (0.0.8.2)
    unicode-display_width (2.1.0)
    unicorn (5.8.0)
      kgio (~> 2.6)
      raindrops (~> 0.7)
    unicorn-rails (2.2.1)
      rack
      unicorn
    uniform_notifier (1.11.0)
    uri_template (0.7.0)
    uuidtools (2.2.0)
    validates_timeliness (4.1.1)
      timeliness (>= 0.3.10, < 1)
    vcr (6.0.0)
    victor (0.3.4)
    wannabe_bool (0.7.1)
    warden (1.2.9)
      rack (>= 2.0.9)
    wasabi (3.6.1)
      addressable
      httpi (~> 2.0)
      nokogiri (>= 1.4.2)
    web-console (3.7.0)
      actionview (>= 5.0)
      activemodel (>= 5.0)
      bindex (>= 0.4.0)
      railties (>= 5.0)
    webmock (3.13.0)
      addressable (>= 2.3.6)
      crack (>= 0.3.2)
      hashdiff (>= 0.4.0, < 2.0.0)
    webpacker (4.3.0)
      activesupport (>= 4.2)
      rack-proxy (>= 0.6.1)
      railties (>= 4.2)
    webrick (1.7.0)
    webrobots (0.1.2)
    websocket-driver (0.7.5)
      websocket-extensions (>= 0.1.0)
    websocket-extensions (0.1.5)
    wice_grid (4.1.0)
      coffee-rails (> 3.2)
      kaminari (~> 1.1.0)
      rails (~> 5.0, < 5.3)
    yard (0.9.27)
      webrick (~> 1.7.0)
    zeitwerk (2.4.2)

PLATFORMS
  ruby

DEPENDENCIES
  actionpack-xml_parser (~> 2.0)
  active_list!
  activemodel-serializers-xml (~> 1.0)
  activerecord-postgis-adapter (~> 5.0)
  acts_as_list (~> 1.0)
  agric!
  apartment (~> 2.2.1)
  apartment-sidekiq (~> 1.2)
  awesome_nested_set (~> 3.2.1)
  beardley (~> 1.3)
  beardley-barcode (>= 1.0.1)
  beardley-batik (>= 1.0.1)
  beardley-charts (>= 0.0.1)
  beardley-groovy (>= 2.0.1)
  beardley-open_sans (>= 0.0.2)
  beardley-xml (>= 1.1.2)
  better_errors (~> 2.9)
  binding_of_caller (~> 1.0)
  bootsnap (>= 1.1.0)
  bootstrap-sass (~> 3.4.1)
  bootstrap-slider-rails (~> 9.8)
  browser (~> 5.2)
  bullet (~> 5.7.0)
  cartography!
  caxlsx
  charlock_holmes (~> 0.7.7)
  charta!
  cocoon (~> 1.2)
  code_string (~> 0.0.1)
  coffee-rails (~> 4.1)
  colored
  combine_pdf (~> 1.0)
  database_cleaner (~> 1.8)
  deep_cloneable (~> 2.4.0)
  devise (~> 4.7)
  devise-i18n-views (~> 0.3.7)
  devise_invitable (~> 2.0)
  dotenv (~> 2.7)
  draper (~> 3.0)
  ekylibre-ofx-parser (~> 1.2)
  elastic-apm (~> 3.4.0)
  enumerize (~> 2.4)
  exception_notification (~> 4.4)
  factory_bot (< 5)
  faraday (~> 1.8.0)
  ffaker (~> 2.0)
  fiddle
  font-awesome-sass (~> 5.15)
  formize (~> 2.1.0)
  geocoder (~> 1.6)
  git (~> 1.8)
  gitlab_kramdown (~> 0.6)
  gpgme (~> 2.0)
  haml (~> 5.2)
  haml_lint
  holidays
  http_accept_language (~> 2.1)
  humanize (~> 2.5)
  i18n-complements (>= 0.0.14)
  i18n-js (~> 3.8)
  irb (~> 1.3)
  jbuilder (~> 2.0)
  jquery-rails (~> 4.4)
  jquery-ui-rails (~> 6.0)
  kaminari (~> 1.1)
  letter_opener (~> 1.7)
  lexicon-common!
  luhn (~> 1.0)
  mechanize (~> 2.7)
  mimemagic (~> 0.3.5)
  mini_racer
  minitest (~> 5.17.0)
  minitest-reporters (~> 1.4)
  momentjs-rails (>= 2.9.0)
  nokogiri (~> 1.8)
  odf-report!
  omniauth (~> 1.9)
  omniauth-oauth2 (~> 1.7)
  onoma (~> 0.8.4)
  paperclip (~> 5.3)
  paperclip-document (~> 0.0.11)
  paranoia (~> 2.2)
  pdf-reader (~> 2.4)
  pg (~> 1.0)
  possibly!
  prawn (~> 2.4)
  pry (~> 0.12.0)
  pry-byebug (~> 3.8)
  pry-rails (~> 0.3.9)
  quandl (~> 1.1)
  rack-cors
  rack-handlers
  rack-mini-profiler
  rails (= 5.2.8.1)
  rails-controller-testing (~> 1.0)
  rails_best_practices (~> 1.20)
  rake (~> 12.0)
  redis-namespace (~> 1.8)
  remotipart (~> 1.2)
  rest-client (~> 2.0)
  rgeo (~> 2.2)
  rgeo-geojson (~> 2.1)
  rgeo-shapefile (~> 3.0)
  rjb (= 1.6.2)
  rodf (~> 1.0)
  roo (~> 2.8)
  rubocop (~> 1.11.0)
  ruby-prof (~> 1.4)
  rubyntlm (>= 0.3.2)
  rubyzip (~> 1.3.0)
  sassc-rails (~> 2.0)
  savon (~> 2.12)
  scenic
  semantic (~> 1.6)
  sepa_king (~> 0.12.0)
  shoulda-context (~> 2.0)
  sidekiq (~> 4.0)
  sidekiq-cron (~> 1.1)
  sidekiq-unique-jobs (~> 4.0)
  simple_calendar (~> 2.4.0)
  simple_form (~> 4.0)
  simplecov (~> 0.21.2)
  simplecov-cobertura (~> 2.1.0)
  sprockets (< 4.0)
  state_machine (~> 1.2)
  time_diff (~> 0.3.0)
  timecop (~> 0.9.0)
  treetop (~> 1.6)
  turbolinks (~> 5.2.1)
  turnout (~> 2.5)
  twitter-typeahead-rails (~> 0.11.1)
  uglifier (>= 1.3.0)
  unicorn (~> 5.8)
  unicorn-rails
  uuidtools (~> 2.2)
  validates_timeliness (~> 4)
  vcr (~> 6.0.0)
  wannabe_bool (~> 0.7.1)
  web-console (~> 3.0)
  webmock (~> 3.13.0)
  webpacker (~> 4.x)
  wice_grid (~> 4.0)
  xml_errors_parser!
  yard (~> 0.9.26)

RUBY VERSION
   ruby 2.6.6p146

BUNDLED WITH
   2.1.4
